GEM
  remote: http://rubygems.org/
  specs:
    adsf (1.0.1)
      rack (>= 1.0.0)
    builder (2.1.2)
    compass (0.10.5)
      haml (>= 3.0.4)
    cri (1.0.1)
    haml (3.0.18)
    maruku (0.6.0)
      syntax (>= 1.0.0)
    mime-types (1.16)
    nanoc (3.1.5)
      nanoc3 (>= 3.1.5)
    nanoc3 (3.1.5)
      cri (>= 1.0.0)
    rack (1.2.1)
    syntax (1.0.0)

PLATFORMS
  ruby

DEPENDENCIES
  adsf (= 1.0.1)
  builder (= 2.1.2)
  compass (= 0.10.5)
  haml (= 3.0.18)
  maruku (= 0.6.0)
  mime-types (= 1.16)
  nanoc (= 3.1.5)
  rack (= 1.2.1)
